NUGET
  remote: https://www.nuget.org/api/v2
    FAKE (4.35)
    FSharp.Core (4.0.0.1)
    ZeroMQ (4.1.0.21)
